FRAMEWORK: >= NET46
NUGET
  remote: https://www.nuget.org/api/v2
    Dynamitey (1.0.2)
    FSharp.Compiler.Service (8.0)
      System.Collections.Immutable (>= 1.2)
      System.Reflection.Metadata (>= 1.4.1-beta-24227-04)
    FSharp.Core (4.0.0.1)
    FSharp.Interop.Dynamic (3.0)
      Dynamitey (>= 1.0.2)
      FSharp.Core (>= 3.1.2.1)
    FsPickler (3.2)
    Microsoft.Azure.KeyVault.Core (1.0)
    Microsoft.Azure.WebJobs (2.0.0-beta1)
      Microsoft.Azure.WebJobs.Core (2.0.0-beta1)
      Newtonsoft.Json (>= 8.0.3)
      WindowsAzure.Storage (>= 7.0)
    Microsoft.Azure.WebJobs.Core (2.0.0-beta1)
    Microsoft.Azure.WebJobs.Extensions (2.0.0-beta1)
      Microsoft.Azure.WebJobs (>= 2.0.0-beta1)
      Microsoft.Azure.WebJobs.Script.Extensibility (>= 1.0.0-beta1)
      Microsoft.Tpl.Dataflow (>= 4.5.24)
      ncrontab (>= 3.1)
    Microsoft.Azure.WebJobs.Script.Extensibility (1.0.0-beta1)
      Microsoft.Azure.WebJobs (>= 2.0.0-beta1)
    Microsoft.Data.Edm (5.8)
    Microsoft.Data.OData (5.8)
      Microsoft.Data.Edm (5.8)
      System.Spatial (5.8)
    Microsoft.Data.Services.Client (5.8)
      Microsoft.Data.OData (5.8)
    Microsoft.Tpl.Dataflow (4.5.24)
    Mono.Cecil (0.9.6.4)
    ncrontab (3.2)
    Newtonsoft.Json (9.0.1)
    System.Collections.Immutable (1.3.0-preview1-24530-04)
    System.Reflection.Metadata (1.4.1-preview1-24530-04)
      System.Collections.Immutable (>= 1.3.0-preview1-24530-04)
    System.Spatial (5.8)
    Vagabond (0.14)
      FsPickler (>= 3.0 < 4.0)
      Mono.Cecil (>= 0.9.6.3 < 0.9.7)
    WindowsAzure.Storage (7.2.1)
      Microsoft.Azure.KeyVault.Core (>= 1.0)
      Microsoft.Data.OData (>= 5.6.4)
      Microsoft.Data.Services.Client (>= 5.6.4)
      Newtonsoft.Json (>= 6.0.8)
